GEM
  remote: https://rubygems.org/
  specs:
    aws-s3 (0.6.3)
      builder
      mime-types
      xml-simple
    builder (3.0.0)
    mime-types (1.18)
    nokogiri (1.5.2)
    rake (0.9.2.2)
    xml-simple (1.1.1)

PLATFORMS
  ruby

DEPENDENCIES
  aws-s3 (~> 0.6)
  nokogiri (~> 1.5)
  rake
